GEM
  remote: http://rubygems.org/
  specs:
    activemodel (3.2.22)
      activesupport (= 3.2.22)
      builder (~> 3.0.0)
    activesupport (3.2.22)
      i18n (~> 0.6, >= 0.6.4)
      multi_json (~> 1.0)
    builder (3.0.4)
    coderay (1.1.0)
    consul_loader (1.0.0)
      rest-client
    cucumber (1.3.20)
      builder (>= 2.1.2)
      diff-lcs (>= 1.1.3)
      gherkin (~> 2.12)
      multi_json (>= 1.7.5, < 2.0)
      multi_test (>= 0.1.2)
    cucumber-mailcatcher (0.12)
      cucumber (~> 1.3, >= 1.3.10)
      rspec-expectations (~> 3.3, >= 3.3.1)
    cucumber-rest-api (0.3)
      cucumber (>= 1.2.1)
      jsonpath (>= 0.1.2)
      nokogiri (>= 1.6.0)
      rspec (>= 2.12.0)
    diff-lcs (1.2.5)
    docker-api (1.26.0)
      excon (>= 0.38.0)
      json
    domain_name (0.5.25)
      unf (>= 0.0.5, < 1.0.0)
    excon (0.45.4)
    factory_girl (4.3.0)
      activesupport (>= 3.0.0)
    gherkin (2.12.2)
      multi_json (~> 1.3)
    http-cookie (1.0.2)
      domain_name (~> 0.5)
    i18n (0.7.0)
    json (1.8.3)
    jsonpath (0.5.8)
      multi_json
    method_source (0.8.2)
    mime-types (2.99)
    mini_portile2 (2.0.0)
    minke (0.7.0)
      consul_loader (~> 1.0)
      cucumber
      docker-api
      rake (~> 10.0)
      rest-client (~> 1.8)
    mongoid (3.1.7)
      activemodel (~> 3.2)
      moped (~> 1.4)
      origin (~> 1.0)
      tzinfo (~> 0.3.29)
    moped (1.5.3)
    multi_json (1.11.2)
    multi_test (0.1.2)
    netrc (0.11.0)
    nokogiri (1.6.7.1)
      mini_portile2 (~> 2.0.0.rc2)
    origin (1.1.0)
    pickle (0.4.11)
      cucumber (>= 0.8)
      rake
    pickle-mongodb (0.5)
      cucumber (>= 1.2.1)
      factory_girl (~> 4.3.0)
      mongoid (~> 3.1.6)
      pickle (~> 0.4.11)
      rspec (>= 2.12.0)
    pry (0.10.3)
      coderay (~> 1.1.0)
      method_source (~> 0.8.1)
      slop (~> 3.4)
    rake (10.4.2)
    redis (3.2.2)
    rest-client (1.8.0)
      http-cookie (>= 1.0.2, < 2.0)
      mime-types (>= 1.16, < 3.0)
      netrc (~> 0.7)
    rspec (3.4.0)
      rspec-core (~> 3.4.0)
      rspec-expectations (~> 3.4.0)
      rspec-mocks (~> 3.4.0)
    rspec-core (3.4.1)
      rspec-support (~> 3.4.0)
    rspec-expectations (3.4.0)
      diff-lcs (>= 1.2.0, < 2.0)
      rspec-support (~> 3.4.0)
    rspec-mocks (3.4.0)
      diff-lcs (>= 1.2.0, < 2.0)
      rspec-support (~> 3.4.0)
    rspec-support (3.4.1)
    slop (3.6.0)
    tzinfo (0.3.46)
    unf (0.1.4)
      unf_ext
    unf_ext (0.0.7.1)

PLATFORMS
  ruby

DEPENDENCIES
  cucumber (~> 1.3.10)
  cucumber-mailcatcher (~> 0.12)
  cucumber-rest-api (= 0.3)
  minke (~> 0.7)
  pickle-mongodb (~> 0.5)
  pry (~> 0.10.3)
  rake
  redis (~> 3.2)
  rest-client (~> 1.8)

BUNDLED WITH
   1.11.2
